PATH
  remote: .
  specs:
    role_tree (0.0.1)
      chef

GEM
  remote: https://rubygems.org/
  specs:
    chef (11.6.2)
      erubis (~> 2.7)
      highline (~> 1.6, >= 1.6.9)
      json (>= 1.4.4, <= 1.7.7)
      mixlib-authentication (~> 1.3)
      mixlib-cli (~> 1.3)
      mixlib-config (~> 1.1, >= 1.1.2)
      mixlib-log (~> 1.3)
      mixlib-shellout (~> 1.1)
      net-ssh (~> 2.6)
      net-ssh-multi (~> 1.1.0)
      ohai (>= 0.6.0, < 7.0.0)
      rest-client (>= 1.0.4, < 1.7.0)
      yajl-ruby (~> 1.1)
    diff-lcs (1.1.3)
    erubis (2.7.0)
    highline (1.7.10)
    ipaddress (0.8.3)
    json (1.7.7)
    mime-types (1.25.1)
    mixlib-authentication (1.4.2)
    mixlib-cli (1.7.0)
    mixlib-config (1.1.2)
    mixlib-log (1.7.1)
    mixlib-shellout (1.6.1)
    net-ssh (2.9.4)
    net-ssh-gateway (1.3.0)
      net-ssh (>= 2.6.5)
    net-ssh-multi (1.1)
      net-ssh (>= 2.1.4)
      net-ssh-gateway (>= 0.99.0)
    ohai (6.24.2)
      ipaddress
      mixlib-cli
      mixlib-config
      mixlib-log
      mixlib-shellout
      systemu (~> 2.5.2)
      yajl-ruby
    rake (0.9.2.2)
    rest-client (1.6.14)
      mime-types (~> 1.16)
    rspec (2.11.0)
      rspec-core (~> 2.11.0)
      rspec-expectations (~> 2.11.0)
      rspec-mocks (~> 2.11.0)
    rspec-core (2.11.1)
    rspec-expectations (2.11.2)
      diff-lcs (~> 1.1.3)
    rspec-mocks (2.11.1)
    systemu (2.5.2)
    yajl-ruby (1.4.1)

PLATFORMS
  ruby

DEPENDENCIES
  rake
  role_tree!
  rspec
